PATH
  remote: .
  specs:
    pactrac (0.0.4)
      colorize (~> 0.5.8)
      commander (~> 4.1.2)
      nokogiri (~> 1.5.5)
      terminal-table (~> 1.4.5)

GEM
  remote: http://rubygems.org/
  specs:
    colorize (0.5.8)
    commander (4.1.2)
      highline (~> 1.6.11)
    diff-lcs (1.1.3)
    highline (1.6.14)
    nokogiri (1.5.5)
    rake (0.9.2.2)
    rspec (2.11.0)
      rspec-core (~> 2.11.0)
      rspec-expectations (~> 2.11.0)
      rspec-mocks (~> 2.11.0)
    rspec-core (2.11.1)
    rspec-expectations (2.11.2)
      diff-lcs (~> 1.1.3)
    rspec-mocks (2.11.2)
    terminal-table (1.4.5)

PLATFORMS
  ruby

DEPENDENCIES
  pactrac!
  rake
  rspec
